GIT
  remote: https://github.com/intrinio/ruby-sdk.git
  revision: 65f1ca1f85fc757c94dab8a2d242c07df20a2ad0
  branch: master
  specs:
    intrinio-sdk (0.9.1)
      json (~> 2.1, >= 2.1.0)
      typhoeus (~> 1.0, >= 1.0.1)

GEM
  remote: https://rubygems.org/
  specs:
    awesome_print (1.8.0)
    ethon (0.11.0)
      ffi (>= 1.3.0)
    ffi (1.9.25)
    json (2.1.0)
    typhoeus (1.3.1)
      ethon (>= 0.9.0)

PLATFORMS
  ruby

DEPENDENCIES
  awesome_print
  intrinio-sdk!

RUBY VERSION
   ruby 2.3.1p112

BUNDLED WITH
   1.16.1
