PATH
  remote: /Users/jasonlandry/intrinio/intrinio-sdks/ruby-sdk
  specs:
    intrinio-sdk (1.0.0)
      json (~> 2.1, >= 2.1.0)
      typhoeus (~> 1.0, >= 1.0.1)

GEM
  remote: https://rubygems.org/
  specs:
    ethon (0.11.0)
      ffi (>= 1.3.0)
    ffi (1.9.25)
    json (2.1.0)
    rake (12.3.2)
    typhoeus (1.3.1)
      ethon (>= 0.9.0)

PLATFORMS
  ruby

DEPENDENCIES
  intrinio-sdk!
  rake

BUNDLED WITH
   1.16.1
